PATH
  remote: .
  specs:
    nvd_feed_api (0.2.0)
      archive-zip (~> 0.10)
      nokogiri (~> 1.8)
      oj (~> 3.3)

GEM
  remote: https://rubygems.org/
  specs:
    archive-zip (0.10.0)
      io-like (~> 0.3.0)
    ast (2.3.0)
    commonmarker (0.17.7.1)
      ruby-enum (~> 0.5)
    concurrent-ruby (1.0.5)
    github-markup (1.6.1)
    i18n (0.9.1)
      concurrent-ruby (~> 1.0)
    io-like (0.3.0)
    mini_portile2 (2.3.0)
    minitest (5.10.3)
    nokogiri (1.8.1)
      mini_portile2 (~> 2.3.0)
    oj (3.3.10)
    parallel (1.12.0)
    parser (2.4.0.0)
      ast (~> 2.2)
    powerpack (0.1.1)
    rainbow (2.2.2)
      rake
    rake (12.3.0)
    redcarpet (3.4.0)
    rubocop (0.51.0)
      parallel (~> 1.10)
      parser (>= 2.3.3.1, < 3.0)
      powerpack (~> 0.1)
      rainbow (>= 2.2.2, < 3.0)
      ruby-progressbar (~> 1.7)
      unicode-display_width (~> 1.0, >= 1.0.1)
    ruby-enum (0.7.1)
      i18n
    ruby-progressbar (1.9.0)
    unicode-display_width (1.3.0)
    yard (0.9.9)

PLATFORMS
  ruby

DEPENDENCIES
  bundler (~> 1.15)
  commonmarker (~> 0.17)
  github-markup (~> 1.6)
  minitest (~> 5.10)
  nvd_feed_api!
  rake (~> 12.3)
  redcarpet (~> 3.4)
  rubocop (~> 0.51)
  yard (~> 0.9)

BUNDLED WITH
   1.15.4
