PATH
  remote: .
  specs:
    nvd_feed_api (0.4.0)
      archive-zip (~> 0.11)
      nokogiri (~> 1.11)
      oj (>= 3.7.8, < 4)

GEM
  remote: https://rubygems.org/
  specs:
    archive-zip (0.12.0)
      io-like (~> 0.3.0)
    ast (2.4.2)
    commonmarker (0.23.4)
    io-like (0.3.1)
    mini_portile2 (2.8.0)
    minitest (5.15.0)
    nokogiri (1.13.3)
      mini_portile2 (~> 2.8.0)
      racc (~> 1.4)
    oj (3.13.11)
    parallel (1.21.0)
    parser (3.1.0.0)
      ast (~> 2.4.1)
    racc (1.6.0)
    rainbow (3.1.1)
    rake (13.0.6)
    regexp_parser (2.2.0)
    rexml (3.2.5)
    rubocop (1.25.1)
      parallel (~> 1.10)
      parser (>= 3.1.0.0)
      rainbow (>= 2.2.2, < 4.0)
      regexp_parser (>= 1.8, < 3.0)
      rexml
      rubocop-ast (>= 1.15.1, < 2.0)
      ruby-progressbar (~> 1.7)
      unicode-display_width (>= 1.4.0, < 3.0)
    rubocop-ast (1.15.1)
      parser (>= 3.0.1.1)
    ruby-progressbar (1.11.0)
    unicode-display_width (2.1.0)
    webrick (1.7.0)
    yard (0.9.27)
      webrick (~> 1.7.0)

PLATFORMS
  ruby

DEPENDENCIES
  archive-zip (~> 0.11)
  bundler (~> 2.1)
  commonmarker (~> 0.23)
  minitest (~> 5.12)
  nokogiri (~> 1.11)
  nvd_feed_api!
  oj (>= 3.7.8, < 4)
  rake (~> 13.0)
  rubocop (~> 1.23)
  yard (>= 0.9.27, < 0.10)

BUNDLED WITH
   2.3.6
