PATH
  remote: .
  specs:
    nvd_feed_api (0.3.1)
      archive-zip (~> 0.11)
      nokogiri (~> 1.11)
      oj (>= 3.7.8, < 4)

GEM
  remote: https://rubygems.org/
  specs:
    archive-zip (0.12.0)
      io-like (~> 0.3.0)
    ast (2.4.2)
    commonmarker (0.22.0)
    github-markup (4.0.0)
    io-like (0.3.1)
    mini_portile2 (2.5.3)
    minitest (5.14.4)
    nokogiri (1.11.7)
      mini_portile2 (~> 2.5.0)
      racc (~> 1.4)
    oj (3.12.1)
    parallel (1.20.1)
    parser (3.0.2.0)
      ast (~> 2.4.1)
    racc (1.5.2)
    rainbow (3.0.0)
    rake (13.0.6)
    redcarpet (3.5.1)
    regexp_parser (2.1.1)
    rexml (3.2.5)
    rubocop (1.18.4)
      parallel (~> 1.10)
      parser (>= 3.0.0.0)
      rainbow (>= 2.2.2, < 4.0)
      regexp_parser (>= 1.8, < 3.0)
      rexml
      rubocop-ast (>= 1.8.0, < 2.0)
      ruby-progressbar (~> 1.7)
      unicode-display_width (>= 1.4.0, < 3.0)
    rubocop-ast (1.8.0)
      parser (>= 3.0.1.1)
    ruby-progressbar (1.11.0)
    unicode-display_width (2.0.0)
    yard (0.9.26)

PLATFORMS
  ruby

DEPENDENCIES
  bundler (~> 2.1)
  commonmarker (~> 0.21)
  github-markup (~> 4.0)
  minitest (~> 5.14)
  nvd_feed_api!
  rake (~> 13.0)
  redcarpet (~> 3.5)
  rubocop (~> 1.16)
  yard (~> 0.9)

BUNDLED WITH
   2.2.15
